GEM
  remote: https://rubygems.org/
  specs:
    prettier (2.0.0)

PLATFORMS
  x64-mingw-ucrt

DEPENDENCIES
  prettier (~> 2.0)

BUNDLED WITH
   2.3.7
